FRAMEWORK: NET45, NET452
NUGET
  remote: https://www.nuget.org/api/v2
  specs:
    Autofac (3.5.2)
    FluentAssertions (4.2.2)
    Microsoft.Bcl (1.1.10)
      Microsoft.Bcl.Build (>= 1.0.14)
    Microsoft.Bcl.Build (1.0.21) - import_targets: false
    Microsoft.Net.Http (2.2.29)
      Microsoft.Bcl (>= 1.1.10)
      Microsoft.Bcl.Build (>= 1.0.14)
    ServiceStack (4.0.54)
      ServiceStack.Client (>= 4.0.54)
      ServiceStack.Common (>= 4.0.54)
    ServiceStack.Client (4.0.54)
      ServiceStack.Interfaces (>= 4.0.54)
      ServiceStack.Text (>= 4.0.54)
    ServiceStack.Common (4.0.54)
      ServiceStack.Interfaces (>= 4.0.54)
      ServiceStack.Text (>= 4.0.54)
    ServiceStack.HttpClient (4.0.54)
      Microsoft.Net.Http (>= 2.2.29)
      ServiceStack.Client (>= 4.0.54)
    ServiceStack.Interfaces (4.0.54)
    ServiceStack.Text (4.0.54)
    xunit (2.1.0)
      xunit.assert (2.1.0)
      xunit.core (2.1.0)
    xunit.abstractions (2.0.0)
    xunit.assert (2.1.0)
    xunit.core (2.1.0)
      xunit.extensibility.core (2.1.0)
      xunit.extensibility.execution (2.1.0)
    xunit.extensibility.core (2.1.0)
      xunit.abstractions (2.0.0)
    xunit.extensibility.execution (2.1.0)
      xunit.extensibility.core (2.1.0)
